PATH
  remote: .
  specs:
    s3 (0.3.21)
      proxies (~> 0.2.0)

GEM
  remote: http://rubygems.org/
  specs:
    metaclass (0.0.4)
    mocha (1.0.0)
      metaclass (~> 0.0.1)
    proxies (0.2.1)
    rake (10.1.1)
    test-unit (2.5.5)

PLATFORMS
  ruby

DEPENDENCIES
  bundler
  mocha
  rake
  s3!
  test-unit
